PATH
  remote: .
  specs:
    watchman (0.0.1)
      rack (>= 1.0)

GEM
  remote: https://rubygems.org/
  specs:
    rack (1.3.0)
    rake (10.1.0)

PLATFORMS
  ruby

DEPENDENCIES
  rack (= 1.3)
  rake
  watchman!
